GEM
  remote: http://rubygems.org/
  specs:
    activesupport (3.1.0)
      multi_json (~> 1.0)
    chunky_png (1.2.1)
    compass (0.11.5)
      chunky_png (~> 1.2)
      fssm (>= 0.2.7)
      sass (~> 3.1)
    fssm (0.2.7)
    git-deploy (0.5.4)
      net-scp
      net-ssh
      thor
    haml (3.1.2)
    i18n (0.6.0)
    multi_json (1.0.3)
    net-scp (1.0.4)
      net-ssh (>= 1.99.1)
    net-ssh (2.5.2)
    rack (1.3.2)
    sass (3.1.7)
    staticmatic (0.11.1)
      compass (>= 0.10.0)
      haml (>= 2.0.0)
      rack (>= 1.0)
    thor (0.16.0)

PLATFORMS
  ruby

DEPENDENCIES
  activesupport
  git-deploy
  haml (= 3.1.2)
  i18n
  staticmatic
