GEM
  remote: http://rubygems.org/
  specs:
    activesupport (3.0.4)
    compass (0.10.6)
      haml (>= 3.0.4)
    haml (3.0.25)
    i18n (0.5.0)
    rack (1.2.1)
    staticmatic (0.11.1)
      compass (>= 0.10.0)
      haml (>= 2.0.0)
      rack (>= 1.0)

PLATFORMS
  ruby

DEPENDENCIES
  activesupport
  i18n
  staticmatic
